GEM
  remote: https://rubygems.org/
  specs:
    execjs (2.6.0)
    hoe (3.13.1)
      rake (>= 0.8, < 11.0)
    minitest (5.8.0)
    rake (10.4.2)
    shoulda-context (1.2.1)

PLATFORMS
  ruby

DEPENDENCIES
  execjs
  hoe
  minitest
  shoulda-context

BUNDLED WITH
   1.10.6
