GEM
  specs:
    execjs (2.2.2)

PLATFORMS
  ruby

DEPENDENCIES
  execjs
